GEM
  remote: https://rubygems.org/
  specs:
    ruby-bepasty-client (1.0.3)

PLATFORMS
  x86_64-linux

DEPENDENCIES
  ruby-bepasty-client

BUNDLED WITH
   2.3.26
